NUGET
  remote: http://nuget.org/api/v2
  specs:
    EventStore.Client (3.0.0)
    FAKE (3.5.4)
    FSharp.Formatting.CommandTool (2.4.25)
    FsUnit.xUnit (1.3.0.1)
      xunit (>= 1.9.1, <  3.0)
      xunit (>= 1.9.1, <  3.0)
      xunit (>= 1.9.1, <  3.0)
    Newtonsoft.Json (6.0.5)
    xunit (1.9.2)
